GEM
  remote: https://rubygems.org/
  specs:
    webrick (1.8.2)

PLATFORMS
  ruby
  x86_64-linux

DEPENDENCIES
  webrick (~> 1.8)

BUNDLED WITH
   2.5.17
